PATH
  remote: .
  specs:
    simple_twitter (0.0.1)
      httparty (~> 0.8.3)

GEM
  remote: https://rubygems.org/
  specs:
    httparty (0.8.3)
      multi_json (~> 1.0)
      multi_xml
    multi_json (1.3.6)
    multi_xml (0.5.1)

PLATFORMS
  ruby

DEPENDENCIES
  simple_twitter!
